PATH
  remote: .
  specs:
    xmlsec (0.0.3)

GEM
  remote: http://rubygems.org/
  specs:
    diff-lcs (1.1.3)
    nokogiri (1.5.0)
    rake (0.8.7)
    rake-compiler (0.7.9)
      rake
    rspec (2.10.0)
      rspec-core (~> 2.10.0)
      rspec-expectations (~> 2.10.0)
      rspec-mocks (~> 2.10.0)
    rspec-core (2.10.1)
    rspec-expectations (2.10.0)
      diff-lcs (~> 1.1.3)
    rspec-mocks (2.10.1)

PLATFORMS
  ruby

DEPENDENCIES
  nokogiri (= 1.5.0)
  rake (= 0.8.7)
  rake-compiler (~> 0.7.7)
  rspec
  xmlsec!
